PATH
  remote: ./rails2_ruby2
  specs:
    rails2_ruby2 (0.1.0)

GEM
  remote: https://rubygems.org/
  specs:
    RedCloth (4.2.3)
    iconv (1.0.4)
    libxml-ruby (2.8.0)
    mini_portile (0.6.2)
    mocha (0.9.7)
      rake
    mysql (2.9.1)
    nokogiri (1.6.6.2)
      mini_portile (~> 0.6.0)
    pg (0.9.0)
    rack (1.4.6)
    power_assert (0.2.3)
    railslts-version (2.3.18.12)
    rake (10.4.2)
    rdoc (2.5.11)
    sqlite3 (1.3.10)
    test-unit (3.1.2)
      power_assert

PLATFORMS
  ruby

DEPENDENCIES
  RedCloth (= 4.2.3)
  iconv
  libxml-ruby (= 2.8.0)
  mocha (= 0.9.7)
  mysql (= 2.9.1)
  nokogiri (= 1.6.6.2)
  pg (= 0.9.0)
  rack (< 1.5)
  rails2_ruby2!
  railslts-version (< 3)
  rake (= 10.4.2)
  rdoc (= 2.5.11)
  sqlite3 (= 1.3.10)
  test-unit
